PATH
  remote: .
  specs:
    tic_tac_totally_employable (0.0.1)

GEM
  remote: https://rubygems.org/
  specs:
    byebug (9.1.0)
    coderay (1.1.2)
    metaclass (0.0.4)
    method_source (0.9.0)
    minitest (5.10.3)
    mocha (1.3.0)
      metaclass (~> 0.0.1)
    pry (0.11.1)
      coderay (~> 1.1.0)
      method_source (~> 0.9.0)
    pry-byebug (3.5.0)
      byebug (~> 9.1)
      pry (~> 0.10)

PLATFORMS
  ruby

DEPENDENCIES
  minitest
  mocha
  pry-byebug
  tic_tac_totally_employable!

RUBY VERSION
   ruby 2.4.1p111

BUNDLED WITH
   1.15.4
